GEM
  remote: http://rubygems.org/
  specs:
    haml (3.0.21)
    maruku (0.6.0)
      syntax (>= 1.0.0)
    newrelic_rpm (3.0.1)
    rack (1.2.1)
    shotgun (0.9)
      rack (>= 1.0)
    sinatra (1.0)
      rack (>= 1.0)
    syntax (1.0.0)

PLATFORMS
  ruby

DEPENDENCIES
  haml
  maruku
  newrelic_rpm
  shotgun
  sinatra
